GIT
  remote: git://github.com/capistrano/bundler.git
  revision: 8c40862ef53de8d7706682f452f6ba76502864ad
  specs:
    capistrano-bundler (1.0.0)
      capistrano (>= 3.0.0.pre)

GIT
  remote: git://github.com/capistrano/rbenv.git
  revision: 362dbc02ef963c91425767e09b4848ff7be5132b
  specs:
    capistrano-rbenv (0.0.1)
      capistrano

GEM
  remote: https://rubygems.org/
  specs:
    capistrano (3.0.1)
      i18n
      rake (>= 10.0.0)
      sshkit (>= 0.0.23)
    i18n (0.6.5)
    net-scp (1.1.2)
      net-ssh (>= 2.6.5)
    net-ssh (2.7.0)
    rake (10.1.0)
    sshkit (1.1.0)
      net-scp
      net-ssh
      term-ansicolor
    term-ansicolor (1.2.2)
      tins (~> 0.8)
    tins (0.13.1)

PLATFORMS
  x86-mingw32

DEPENDENCIES
  capistrano (~> 3.0.0)
  capistrano-bundler!
  capistrano-rbenv!
